GEM
  remote: https://rubygems.org/
  specs:
    addressable (2.7.0)
      public_suffix (>= 2.0.2, < 5.0)
    ast (2.4.1)
    crack (0.4.4)
    docile (1.3.2)
    domain_name (0.5.20190701)
      unf (>= 0.0.5, < 1.0.0)
    ffi (1.13.1)
    ffi-compiler (1.0.1)
      ffi (>= 1.0.0)
      rake
    flog (4.6.4)
      path_expander (~> 1.0)
      ruby_parser (~> 3.1, > 3.1.0)
      sexp_processor (~> 4.8)
    hashdiff (1.0.1)
    http (4.4.1)
      addressable (~> 2.3)
      http-cookie (~> 1.0)
      http-form_data (~> 2.2)
      http-parser (~> 1.2.0)
    http-cookie (1.0.3)
      domain_name (~> 0.5)
    http-form_data (2.3.0)
    http-parser (1.2.1)
      ffi-compiler (>= 1.0, < 2.0)
    kwalify (0.7.2)
    minitest (5.14.2)
    minitest-rg (5.2.0)
      minitest (~> 5.0)
    parallel (1.19.2)
    parser (2.7.2.0)
      ast (~> 2.4.1)
    path_expander (1.1.0)
    psych (3.2.0)
    public_suffix (4.0.6)
    rainbow (3.0.0)
    rake (13.0.1)
    reek (6.0.2)
      kwalify (~> 0.7.0)
      parser (>= 2.5.0.0, < 2.8, != 2.5.1.1)
      psych (~> 3.1)
      rainbow (>= 2.0, < 4.0)
    regexp_parser (1.8.2)
    rexml (3.2.4)
    rubocop (1.0.0)
      parallel (~> 1.10)
      parser (>= 2.7.1.5)
      rainbow (>= 2.2.2, < 4.0)
      regexp_parser (>= 1.8)
      rexml
      rubocop-ast (>= 0.6.0)
      ruby-progressbar (~> 1.7)
      unicode-display_width (>= 1.4.0, < 2.0)
    rubocop-ast (1.0.1)
      parser (>= 2.7.1.5)
    ruby-progressbar (1.10.1)
    ruby_parser (3.15.0)
      sexp_processor (~> 4.9)
    sexp_processor (4.15.1)
    simplecov (0.19.0)
      docile (~> 1.1)
      simplecov-html (~> 0.11)
    simplecov-html (0.12.3)
    unf (0.1.4)
      unf_ext
    unf_ext (0.0.7.7)
    unicode-display_width (1.7.0)
    vcr (6.0.0)
    webmock (3.9.3)
      addressable (>= 2.3.6)
      crack (>= 0.3.2)
      hashdiff (>= 0.4.0, < 2.0.0)

PLATFORMS
  ruby

DEPENDENCIES
  flog
  http (~> 4.0)
  minitest (~> 5.0)
  minitest-rg (~> 5.0)
  rake
  reek
  rubocop
  simplecov (~> 0)
  vcr (~> 6.0)
  webmock (~> 3.0)

BUNDLED WITH
   2.1.4
